GEM
  remote: https://rubygems.org/
  specs:
    activesupport (4.2.3)
      i18n (~> 0.7)
      json (~> 1.7, >= 1.7.7)
      minitest (~> 5.1)
      thread_safe (~> 0.3, >= 0.3.4)
      tzinfo (~> 1.1)
    bcrypt (3.1.10)
    binding_of_caller (0.7.2)
      debug_inspector (>= 0.0.1)
    bourbon (4.2.3)
      sass (~> 3.4)
      thor
    capybara (2.4.4)
      mime-types (>= 1.16)
      nokogiri (>= 1.3.3)
      rack (>= 1.0.0)
      rack-test (>= 0.5.4)
      xpath (~> 2.0)
    cliver (0.3.2)
    coderay (1.1.0)
    coffee-script (2.4.1)
      coffee-script-source
      execjs
    coffee-script-source (1.9.1.1)
    database_cleaner (1.4.1)
    debug_inspector (0.0.2)
    diff-lcs (1.2.5)
    em-websocket (0.5.1)
      eventmachine (>= 0.12.9)
      http_parser.rb (~> 0.6.0)
    eventmachine (1.0.7)
    execjs (2.5.2)
    factory_girl (4.5.0)
      activesupport (>= 3.0.0)
    ffi (1.9.9)
    formatador (0.2.5)
    guard (2.12.7)
      formatador (>= 0.2.4)
      listen (>= 2.7, <= 4.0)
      lumberjack (~> 1.0)
      nenv (~> 0.1)
      notiffany (~> 0.0)
      pry (>= 0.9.12)
      shellany (~> 0.0)
      thor (>= 0.18.1)
    guard-livereload (2.4.0)
      em-websocket (~> 0.5)
      guard (~> 2.8)
      multi_json (~> 1.8)
    haml (4.0.6)
      tilt
    http_parser.rb (0.6.0)
    i18n (0.7.0)
    json (1.8.3)
    kgio (2.9.3)
    listen (3.0.0)
      rb-fsevent (>= 0.9.3)
      rb-inotify (>= 0.9)
    lumberjack (1.0.9)
    method_source (0.8.2)
    mime-types (2.6.1)
    mini_portile (0.6.2)
    minitest (5.7.0)
    multi_json (1.11.1)
    nenv (0.2.0)
    nokogiri (1.6.6.2)
      mini_portile (~> 0.6.0)
    notiffany (0.0.6)
      nenv (~> 0.1)
      shellany (~> 0.0)
    pg (0.18.2)
    poltergeist (1.6.0)
      capybara (~> 2.1)
      cliver (~> 0.3.1)
      multi_json (~> 1.0)
      websocket-driver (>= 0.2.0)
    pry (0.10.1)
      coderay (~> 1.1.0)
      method_source (~> 0.8.1)
      slop (~> 3.4)
    pry-doc (0.8.0)
      pry (~> 0.9)
      yard (~> 0.8)
    pry-stack_explorer (0.4.9.2)
      binding_of_caller (>= 0.7)
      pry (>= 0.9.11)
    rack (1.6.4)
    rack-livereload (0.3.15)
      rack
    rack-test (0.6.3)
      rack (>= 1.0)
    rack-unreloader (1.3.0)
    raindrops (0.14.0)
    rb-fsevent (0.9.5)
    rb-inotify (0.9.5)
      ffi (>= 0.5.0)
    roda (2.4.0)
      rack
    rspec (3.3.0)
      rspec-core (~> 3.3.0)
      rspec-expectations (~> 3.3.0)
      rspec-mocks (~> 3.3.0)
    rspec-core (3.3.1)
      rspec-support (~> 3.3.0)
    rspec-expectations (3.3.0)
      diff-lcs (>= 1.2.0, < 2.0)
      rspec-support (~> 3.3.0)
    rspec-mocks (3.3.1)
      diff-lcs (>= 1.2.0, < 2.0)
      rspec-support (~> 3.3.0)
    rspec-support (3.3.0)
    sass (3.4.15)
    sequel (4.24.0)
    shellany (0.0.1)
    slop (3.6.0)
    sprockets (3.2.0)
      rack (~> 1.0)
    susy (2.2.5)
      sass (>= 3.3.0, < 3.5)
    thor (0.19.1)
    thread_safe (0.3.5)
    tilt (2.0.1)
    tzinfo (1.2.2)
      thread_safe (~> 0.1)
    uglifier (2.7.1)
      execjs (>= 0.3.0)
      json (>= 1.8.0)
    unicorn (4.9.0)
      kgio (~> 2.6)
      rack
      raindrops (~> 0.7)
    websocket-driver (0.5.4)
      websocket-extensions (>= 0.1.0)
    websocket-extensions (0.1.2)
    xpath (2.0.0)
      nokogiri (~> 1.3)
    yard (0.8.7.6)

PLATFORMS
  ruby

DEPENDENCIES
  bcrypt
  bourbon
  capybara
  coffee-script
  database_cleaner
  factory_girl (~> 4.0)
  guard-livereload
  haml
  pg
  poltergeist
  pry
  pry-doc
  pry-stack_explorer
  rack-livereload
  rack-unreloader
  roda
  rspec (~> 3.3.0)
  sequel
  sprockets
  susy
  uglifier
  unicorn
